RESTRICTION: >= net461
NUGET
  remote: https://www.nuget.org/api/v2
    Deedle (1.2.5)
    Deedle.RPlugin (1.2.5)
      Deedle (>= 1.2.5)
      R.NET.Community (>= 1.6.4)
      R.NET.Community.FSharp (>= 1.6.4)
      RProvider (>= 1.1.13)
    DynamicInterop (0.7.4)
    FAKE (4.63.2)
    FSharp.Charting (0.90.14)
    FSharp.Compiler.Service (2.0.0.6)
    FSharp.Core (4.2.3)
    FSharp.Data (2.3.2)
    FSharp.Formatting (2.14.4)
      FSharp.Compiler.Service (2.0.0.6)
      FSharpVSPowerTools.Core (>= 2.3 < 2.4)
    FSharpVSPowerTools.Core (2.3)
      FSharp.Compiler.Service (>= 2.0.0.3)
    FsLab (1.0.2)
      Deedle (1.2.5)
      Deedle.RPlugin (1.2.5)
      DynamicInterop (0.7.4)
      FSharp.Charting (0.90.14)
      FSharp.Data (2.3.2)
      Google.DataTable.Net.Wrapper (3.1.2)
      MathNet.Numerics (3.13.1)
      MathNet.Numerics.FSharp (3.13.1)
      Newtonsoft.Json (9.0.1)
      R.NET.Community (1.6.5)
      R.NET.Community.FSharp (1.6.5)
      RProvider (1.1.20)
      Suave (1.1.3)
      XPlot.GoogleCharts (1.4.2)
      XPlot.GoogleCharts.Deedle (1.4.2)
      XPlot.Plotly (1.4.2)
    FsLab.Runner (1.0.2)
      Deedle (1.2.5)
      Deedle.RPlugin (1.2.5)
      DynamicInterop (0.7.4)
      FSharp.Charting (0.90.14)
      FSharp.Compiler.Service (2.0.0.6)
      FSharp.Data (2.3.2)
      FSharp.Formatting (2.14.4)
      FSharpVSPowerTools.Core (2.3)
      Google.DataTable.Net.Wrapper (3.1.2)
      MathNet.Numerics (3.13.1)
      MathNet.Numerics.FSharp (3.13.1)
      Newtonsoft.Json (9.0.1)
      R.NET.Community (1.6.5)
      R.NET.Community.FSharp (1.6.5)
      RProvider (1.1.20)
      Suave (1.1.3)
      XPlot.GoogleCharts (1.4.2)
      XPlot.GoogleCharts.Deedle (1.4.2)
      XPlot.Plotly (1.4.2)
    Google.DataTable.Net.Wrapper (3.1.2)
    MathNet.Numerics (3.13.1)
    MathNet.Numerics.FSharp (3.13.1)
      FSharp.Core (>= 3.1.2.5)
      MathNet.Numerics (3.13.1)
    Newtonsoft.Json (9.0.1)
    R.NET.Community (1.6.5)
      DynamicInterop (0.7.4)
    R.NET.Community.FSharp (1.6.5)
      R.NET.Community (>= 1.6.5)
    RProvider (1.1.20)
      DynamicInterop (0.7.4)
      R.NET.Community (1.6.5)
      R.NET.Community.FSharp (1.6.5)
    Suave (1.1.3)
      FSharp.Core (>= 3.1.2.5)
    XPlot.GoogleCharts (1.4.2)
      Google.DataTable.Net.Wrapper (3.1.2)
      Newtonsoft.Json (9.0.1)
    XPlot.GoogleCharts.Deedle (1.4.2)
      Deedle (1.2.5)
      XPlot.GoogleCharts (1.4.2)
    XPlot.Plotly (1.4.2)
      Newtonsoft.Json (9.0.1)
